GEM
  remote: https://rubygems.org/
  specs:
    byebug (11.1.3)
    pastel (0.8.0)
      tty-color (~> 0.5)
    sync (0.5.0)
    term-ansicolor (1.7.1)
      tins (~> 1.0)
    tins (1.32.1)
      sync
    tty-color (0.6.0)

PLATFORMS
  x86_64-linux

DEPENDENCIES
  byebug
  pastel
  term-ansicolor

BUNDLED WITH
   2.4.6
