GEM
  remote: http://mygemserver.com/
  specs:
    byebug (11.1.3)
    pastel (0.8.0)
      tty-color (~> 0.5)
    tty-color (0.6.0)

PLATFORMS
  x86_64-linux

DEPENDENCIES
  byebug
  pastel

RUBY VERSION
   ruby 3.0.0

BUNDLED WITH
   2.4.6
