GEM
  remote: https://rubygems.org/
  specs:
    byebug (11.1.3)
    sync (0.5.0)
    term-ansicolor (1.7.1)
      tins (~> 1.0)
    tins (1.32.1)
      sync

PLATFORMS
  x86_64-linux

DEPENDENCIES
  byebug
  term-ansicolor

BUNDLED WITH
   2.4.6
